PATH
  remote: .
  specs:
    facebook_data_analyzer (0.1.0)
      axlsx (= 3.0.0.pre)
      json
      micro-optparse
      nokogiri (>= 1.8.2, < 1.13.0)
      parallel
      ruby-progressbar
      workbook

GEM
  remote: https://rubygems.org/
  specs:
    axlsx (3.0.0.pre)
      htmlentities (~> 4.3, >= 4.3.4)
      mimemagic (~> 0.3)
      nokogiri (~> 1.8, >= 1.8.2)
      rubyzip (~> 1.2, >= 1.2.1)
    coderay (1.1.2)
    diff-lcs (1.3)
    dotenv (2.4.0)
    htmlentities (4.3.4)
    json (2.5.1)
    method_source (0.9.0)
    micro-optparse (1.2.1)
    mimemagic (0.4.3)
      nokogiri (~> 1)
      rake
    mini_portile2 (2.6.1)
    nokogiri (1.12.5)
      mini_portile2 (~> 2.6.1)
      racc (~> 1.4)
    nokogiri (1.12.5-x64-mingw32)
      racc (~> 1.4)
    parallel (1.21.0)
    pry (0.11.3)
      coderay (~> 1.1.0)
      method_source (~> 0.9.0)
    racc (1.5.2)
    rake (10.5.0)
    rchardet (1.8.0)
    rspec (3.7.0)
      rspec-core (~> 3.7.0)
      rspec-expectations (~> 3.7.0)
      rspec-mocks (~> 3.7.0)
    rspec-core (3.7.1)
      rspec-support (~> 3.7.0)
    rspec-expectations (3.7.0)
      diff-lcs (>= 1.2.0, < 2.0)
      rspec-support (~> 3.7.0)
    rspec-mocks (3.7.0)
      diff-lcs (>= 1.2.0, < 2.0)
      rspec-support (~> 3.7.0)
    rspec-support (3.7.1)
    ruby-ole (1.2.12.2)
    ruby-progressbar (1.11.0)
    rubyzip (1.3.0)
    spreadsheet (1.3.0)
      ruby-ole
    workbook (0.8.1)
      axlsx (~> 3.0.0.pre)
      json (~> 2.1)
      nokogiri (~> 1.8)
      rchardet (~> 1.3)
      spreadsheet (~> 1.1)

PLATFORMS
  ruby
  x64-mingw32

DEPENDENCIES
  dotenv (~> 2.4)
  facebook_data_analyzer!
  pry
  rake (~> 10.0)
  rspec (~> 3.6)

BUNDLED WITH
   1.16.1
