GEM
  remote: https://rubygems.org/
  specs:
    axlsx (3.0.0.pre)
      htmlentities (~> 4.3, >= 4.3.4)
      mimemagic (~> 0.3)
      nokogiri (~> 1.8, >= 1.8.2)
      rubyzip (~> 1.2, >= 1.2.1)
    htmlentities (4.3.4)
    json (2.1.0)
    mimemagic (0.3.2)
    mini_portile2 (2.3.0)
    nokogiri (1.8.2)
      mini_portile2 (~> 2.3.0)
    parallel (1.12.1)
    ruby-progressbar (1.9.0)
    rubyzip (1.2.1)

PLATFORMS
  ruby

DEPENDENCIES
  axlsx (= 3.0.0.pre)
  json
  nokogiri (~> 1.8.2)
  parallel
  ruby-progressbar

BUNDLED WITH
   1.16.1
